PATH
  remote: .
  specs:
    configy (0.0.4)

GEM
  remote: http://rubygems.org/
  specs:

PLATFORMS
  ruby

DEPENDENCIES
  configy!
