PATH
  remote: .
  specs:
    configy (1.1.0)
      hashie (~> 1.2.0)

GEM
  remote: http://rubygems.org/
  specs:
    hashie (1.2.0)
    minitest (2.5.1)

PLATFORMS
  ruby

DEPENDENCIES
  bundler (>= 1.0.0)
  configy!
  minitest
